PATH
  remote: .
  specs:
    shrine-google_cloud_storage (0.3.0)
      google-cloud-storage (~> 1.6.0)
      shrine (~> 2.0)

GEM
  remote: https://rubygems.org/
  specs:
    addressable (2.5.2)
      public_suffix (>= 2.0.2, < 4.0)
    declarative (0.0.10)
    declarative-option (0.1.0)
    digest-crc (0.4.1)
    dotenv (2.2.1)
    down (4.1.0)
    faraday (0.13.1)
      multipart-post (>= 1.2, < 3)
    google-api-client (0.14.5)
      addressable (~> 2.5, >= 2.5.1)
      googleauth (~> 0.5)
      httpclient (>= 2.8.1, < 3.0)
      mime-types (~> 3.0)
      representable (~> 3.0)
      retriable (>= 2.0, < 4.0)
    google-cloud-core (1.0.0)
      google-cloud-env (~> 1.0)
      googleauth (~> 0.5.1)
    google-cloud-env (1.0.1)
      faraday (~> 0.11)
    google-cloud-storage (1.6.0)
      digest-crc (~> 0.4)
      google-api-client (~> 0.14.2)
      google-cloud-core (~> 1.0)
    googleauth (0.5.3)
      faraday (~> 0.12)
      jwt (~> 1.4)
      logging (~> 2.0)
      memoist (~> 0.12)
      multi_json (~> 1.11)
      os (~> 0.9)
      signet (~> 0.7)
    httpclient (2.8.3)
    jwt (1.5.6)
    little-plugger (1.1.4)
    logging (2.2.2)
      little-plugger (~> 1.1)
      multi_json (~> 1.10)
    memoist (0.16.0)
    mime-types (3.1)
      mime-types-data (~> 3.2015)
    mime-types-data (3.2016.0521)
    minitest (5.10.2)
    multi_json (1.12.2)
    multipart-post (2.0.0)
    os (0.9.6)
    public_suffix (3.0.0)
    rake (12.0.0)
    representable (3.0.4)
      declarative (< 0.1.0)
      declarative-option (< 0.2.0)
      uber (< 0.2.0)
    retriable (3.1.1)
    shrine (2.8.0)
      down (~> 4.1)
    signet (0.7.3)
      addressable (~> 2.3)
      faraday (~> 0.9)
      jwt (~> 1.5)
      multi_json (~> 1.10)
    uber (0.1.0)

PLATFORMS
  ruby

DEPENDENCIES
  dotenv
  minitest
  rake
  shrine-google_cloud_storage!

BUNDLED WITH
   1.15.4
